PATH
  remote: ../Seneca
  specs:
    seneca (0.1.1)
      rack (> 0.0)

GEM
  remote: http://rubygems.org/
  specs:
    rack (2.0.2)

PLATFORMS
  ruby

DEPENDENCIES
  seneca!

BUNDLED WITH
   1.14.6
